PATH
  remote: .
  specs:
    kitchen-sparkleformation (0.1)
      aws-sdk (>= 2, < 3)
      sparkle_formation (>= 3, < 4)
      test-kitchen

GEM
  remote: https://rubygems.org/
  specs:
    artifactory (2.8.1)
    attribute_struct (0.4.2)
      bogo (>= 0.1.31, < 0.3.0)
    aws-sdk (2.9.27)
      aws-sdk-resources (= 2.9.27)
    aws-sdk-core (2.9.27)
      aws-sigv4 (~> 1.0)
      jmespath (~> 1.0)
    aws-sdk-resources (2.9.27)
      aws-sdk-core (= 2.9.27)
    aws-sigv4 (1.0.0)
    bogo (0.2.8)
      hashie
      multi_json
    diff-lcs (1.3)
    hashie (3.5.5)
    jmespath (1.3.1)
    mixlib-install (2.1.12)
      artifactory
      mixlib-shellout
      mixlib-versioning
      thor
    mixlib-shellout (2.2.7)
    mixlib-versioning (1.1.0)
    multi_json (1.12.1)
    net-scp (1.2.1)
      net-ssh (>= 2.6.5)
    net-ssh (4.1.0)
    net-ssh-gateway (1.3.0)
      net-ssh (>= 2.6.5)
    rake (12.0.0)
    rspec (3.6.0)
      rspec-core (~> 3.6.0)
      rspec-expectations (~> 3.6.0)
      rspec-mocks (~> 3.6.0)
    rspec-core (3.6.0)
      rspec-support (~> 3.6.0)
    rspec-expectations (3.6.0)
      diff-lcs (>= 1.2.0, < 2.0)
      rspec-support (~> 3.6.0)
    rspec-json_expectations (2.1.0)
    rspec-mocks (3.6.0)
      diff-lcs (>= 1.2.0, < 2.0)
      rspec-support (~> 3.6.0)
    rspec-support (3.6.0)
    safe_yaml (1.0.4)
    sparkle_formation (3.0.22)
      attribute_struct (>= 0.3.5, < 0.5)
      bogo
      multi_json
    test-kitchen (1.16.0)
      mixlib-install (>= 1.2, < 3.0)
      mixlib-shellout (>= 1.2, < 3.0)
      net-scp (~> 1.1)
      net-ssh (>= 2.9, < 5.0)
      net-ssh-gateway (~> 1.2)
      safe_yaml (~> 1.0)
      thor (~> 0.19, < 0.19.2)
    thor (0.19.1)

PLATFORMS
  ruby

DEPENDENCIES
  kitchen-sparkleformation!
  rake
  rspec
  rspec-json_expectations

BUNDLED WITH
   1.14.6
